GEM
  remote: http://rubygems.org/
  specs:
    coffee-script (2.2.0)
      coffee-script-source
      execjs
    coffee-script-source (1.1.1)
    execjs (1.2.0)
      multi_json (~> 1.0)
    ffi (1.0.9)
    ffi (1.0.9-x86-mingw32)
    guard (0.4.2)
      thor (~> 0.14.6)
    guard-coffeescript (0.3.0)
      coffee-script (>= 2.2.0)
      guard (>= 0.4)
    guard-sprockets (0.1.4)
      guard (>= 0.2.2)
      sprockets
    json (1.5.3)
    multi_json (1.0.3)
    rb-fchange (0.0.5)
      ffi
    sprockets (1.0.2)
    thor (0.14.6)
    win32console (1.3.0-x86-mingw32)

PLATFORMS
  ruby
  x86-mingw32

DEPENDENCIES
  guard
  guard-coffeescript
  guard-sprockets
  json
  rb-fchange (>= 0.0.2)
  win32console
